PATH
  remote: .
  specs:
    omniauth-webflow (1.0.0)
      multi_json (~> 1.15)
      omniauth-oauth2 (~> 1.7)

GEM
  remote: https://rubygems.org/
  specs:
    base64 (0.2.0)
    diff-lcs (1.3)
    faraday (2.8.1)
      base64
      faraday-net_http (>= 2.0, < 3.1)
      ruby2_keywords (>= 0.0.4)
    faraday-net_http (3.0.2)
    hashie (5.0.0)
    jwt (2.9.3)
      base64
    multi_json (1.15.0)
    multi_xml (0.6.0)
    oauth2 (2.0.9)
      faraday (>= 0.17.3, < 3.0)
      jwt (>= 1.0, < 3.0)
      multi_xml (~> 0.5)
      rack (>= 1.2, < 4)
      snaky_hash (~> 2.0)
      version_gem (~> 1.1)
    omniauth (2.1.2)
      hashie (>= 3.4.6)
      rack (>= 2.2.3)
      rack-protection
    omniauth-oauth2 (1.8.0)
      oauth2 (>= 1.4, < 3)
      omniauth (~> 2.0)
    rack (3.1.8)
    rack-protection (3.0.6)
      rack
    rake (12.3.3)
    rspec (3.9.0)
      rspec-core (~> 3.9.0)
      rspec-expectations (~> 3.9.0)
      rspec-mocks (~> 3.9.0)
    rspec-core (3.9.2)
      rspec-support (~> 3.9.3)
    rspec-expectations (3.9.2)
      diff-lcs (>= 1.2.0, < 2.0)
      rspec-support (~> 3.9.0)
    rspec-mocks (3.9.1)
      diff-lcs (>= 1.2.0, < 2.0)
      rspec-support (~> 3.9.0)
    rspec-support (3.9.3)
    ruby2_keywords (0.0.5)
    snaky_hash (2.0.1)
      hashie
      version_gem (~> 1.1, >= 1.1.1)
    version_gem (1.1.4)

PLATFORMS
  ruby

DEPENDENCIES
  omniauth-webflow!
  rake (~> 12.0)
  rspec (~> 3.0)

BUNDLED WITH
   2.2.27
